GIT
  remote: git://github.com/middleman/middleman.git
  revision: b4fd352467d964e9f9057f46eef20e8926e55abf
  specs:
    middleman (3.0.0.alpha.6)
      activesupport (~> 3.1.0)
      coffee-script (~> 2.2.0)
      compass (~> 0.11.3)
      execjs (~> 1.2.7)
      guard (~> 0.9.4)
      haml (~> 3.1.0)
      i18n (~> 0.6.0)
      rack (~> 1.3.5)
      rack-test (~> 0.6.1)
      redcarpet (~> 2.0.0)
      sass (~> 3.1.7)
      sprockets (~> 2.0)
      sprockets-sass (~> 0.6.0)
      thin (~> 1.3.1)
      thor (~> 0.14.0)
      tilt (~> 1.3.1)
      uglifier (~> 1.2.0)

GEM
  remote: http://rubygems.org/
  specs:
    activesupport (3.1.3)
      multi_json (~> 1.0)
    archive-tar-minitar (0.5.2)
    chunky_png (1.2.5)
    coffee-script (2.2.0)
      coffee-script-source
      execjs
    coffee-script-source (1.2.0)
    columnize (0.3.6)
    compass (0.11.6)
      chunky_png (~> 1.2)
      fssm (>= 0.2.7)
      sass (~> 3.1)
    daemons (1.1.5)
    eventmachine (0.12.10)
    execjs (1.2.13)
      multi_json (~> 1.0)
    ffi (1.0.11)
    fssm (0.2.7)
    guard (0.9.4)
      ffi (>= 0.5.0)
      thor (~> 0.14.6)
    haml (3.1.4)
    hike (1.2.1)
    i18n (0.6.0)
    linecache19 (0.5.12)
      ruby_core_source (>= 0.1.4)
    multi_json (1.0.4)
    rack (1.3.5)
    rack-protection (1.1.4)
      rack
    rack-test (0.6.1)
      rack (>= 1.0)
    redcarpet (2.0.1)
    ruby-debug-base19 (0.11.25)
      columnize (>= 0.3.1)
      linecache19 (>= 0.5.11)
      ruby_core_source (>= 0.1.4)
    ruby-debug19 (0.11.6)
      columnize (>= 0.3.1)
      linecache19 (>= 0.5.11)
      ruby-debug-base19 (>= 0.11.19)
    ruby_core_source (0.1.5)
      archive-tar-minitar (>= 0.5.2)
    sass (3.1.12)
    shotgun (0.9)
      rack (>= 1.0)
    sinatra (1.3.1)
      rack (~> 1.3, >= 1.3.4)
      rack-protection (~> 1.1, >= 1.1.2)
      tilt (~> 1.3, >= 1.3.3)
    sprockets (2.1.2)
      hike (~> 1.2)
      rack (~> 1.0)
      tilt (~> 1.1, != 1.3.0)
    sprockets-sass (0.6.0)
      sprockets (~> 2.0)
      tilt (~> 1.1)
    thin (1.3.1)
      daemons (>= 1.0.9)
      eventmachine (>= 0.12.6)
      rack (>= 1.0.0)
    thor (0.14.6)
    tilt (1.3.3)
    uglifier (1.2.1)
      execjs (>= 0.3.0)
      multi_json (>= 1.0.2)

PLATFORMS
  ruby

DEPENDENCIES
  middleman!
  ruby-debug19
  shotgun
  sinatra
  thin
  thor
